GEM
  remote: http://rubygems.org/
  specs:
    rack (1.6.4)
    rack-protection (1.5.3)
      rack
    rake (10.4.2)
    shotgun (0.9.1)
      rack (>= 1.0)
    sinatra (1.4.6)
      rack (~> 1.4)
      rack-protection (~> 1.4)
      tilt (>= 1.3, < 3)
    tilt (2.0.1)

PLATFORMS
  ruby

DEPENDENCIES
  rake
  shotgun
  sinatra
