GEM
  remote: http://rubygems.org/
  specs:
    coderay (1.1.2)
    json (2.2.0)
    method_source (0.9.2)
    mini_portile2 (2.4.0)
    mustermann (1.0.3)
    nokogiri (1.10.5)
      mini_portile2 (~> 2.4.0)
    pry (0.12.2)
      coderay (~> 1.1.0)
      method_source (~> 0.9.0)
    rack (2.0.8)
    rack-protection (2.0.7)
      rack
    rake (13.0.1)
    shotgun (0.9.2)
      rack (>= 1.0)
    sinatra (2.0.7)
      mustermann (~> 1.0)
      rack (~> 2.0)
      rack-protection (= 2.0.7)
      tilt (~> 2.0)
    tilt (2.0.10)

PLATFORMS
  ruby

DEPENDENCIES
  bundler
  json
  nokogiri
  pry
  rake
  shotgun
  sinatra

BUNDLED WITH
   2.0.2
